GIT
  remote: https://github.com/factor-io/factor.git
  revision: c16c6d78c3e9e604d42d1576d8853d9e6e7ad31a
  branch: master
  specs:
    factor (2.9.07)
      commander (~> 4.3, >= 4.3.0)
      configatron (~> 4.5, >= 4.5.0)
      rainbow (~> 2.0, >= 2.0.0)
      rest-client (~> 1.8, >= 1.8.0)
      rspec (~> 3.2, >= 3.2.0)
      varify (~> 0.0.3)
      wrong (~> 0.7.1)

PATH
  remote: .
  specs:
    factor-connector-chef (0.0.7)
      chef-api (~> 0.5.0)
      deep_merge (~> 1.0.1)
      net-scp (~> 1.2.1)
      net-ssh (~> 2.9.1)

GEM
  remote: https://rubygems.org/
  specs:
    chef-api (0.5.0)
      logify (~> 0.1)
      mime-types
    codeclimate-test-reporter (0.4.7)
      simplecov (>= 0.7.1, < 1.0.0)
    commander (4.3.3)
      highline (~> 1.7.2)
    configatron (4.5.0)
    deep_merge (1.0.1)
    diff-lcs (1.2.5)
    docile (1.1.5)
    domain_name (0.5.24)
      unf (>= 0.0.5, < 1.0.0)
    highline (1.7.2)
    http-cookie (1.0.2)
      domain_name (~> 0.5)
    json (1.8.2)
    logify (0.2.0)
    mime-types (2.4.3)
    net-scp (1.2.1)
      net-ssh (>= 2.6.5)
    net-ssh (2.9.2)
    netrc (0.10.3)
    predicated (0.2.6)
    rainbow (2.0.0)
    rake (10.4.2)
    rest-client (1.8.0)
      http-cookie (>= 1.0.2, < 2.0)
      mime-types (>= 1.16, < 3.0)
      netrc (~> 0.7)
    rspec (3.2.0)
      rspec-core (~> 3.2.0)
      rspec-expectations (~> 3.2.0)
      rspec-mocks (~> 3.2.0)
    rspec-core (3.2.3)
      rspec-support (~> 3.2.0)
    rspec-expectations (3.2.1)
      diff-lcs (>= 1.2.0, < 2.0)
      rspec-support (~> 3.2.0)
    rspec-mocks (3.2.1)
      diff-lcs (>= 1.2.0, < 2.0)
      rspec-support (~> 3.2.0)
    rspec-support (3.2.2)
    ruby2ruby (2.1.4)
      ruby_parser (~> 3.1)
      sexp_processor (~> 4.0)
    ruby_parser (3.6.6)
      sexp_processor (~> 4.1)
    sexp_processor (4.5.0)
    simplecov (0.10.0)
      docile (~> 1.1.0)
      json (~> 1.8)
      simplecov-html (~> 0.10.0)
    simplecov-html (0.10.0)
    unf (0.1.4)
      unf_ext
    unf_ext (0.0.7.1)
    varify (0.0.4)
    wrong (0.7.1)
      diff-lcs (~> 1.2.5)
      predicated (~> 0.2.6)
      ruby2ruby (>= 2.0.1)
      ruby_parser (>= 3.0.1)
      sexp_processor (>= 4.0)

PLATFORMS
  ruby

DEPENDENCIES
  codeclimate-test-reporter (~> 0.4.7)
  factor!
  factor-connector-chef!
  rake (~> 10.4.2)
  rspec (~> 3.2.0)
